PATH
  remote: .
  specs:
    bookworm_buddy (0.1.5)
      colorize (~> 0.8.1)
      nokogiri

GEM
  remote: https://rubygems.org/
  specs:
    colorize (0.8.1)
    mini_portile2 (2.3.0)
    nokogiri (1.8.2)
      mini_portile2 (~> 2.3.0)
    rake (10.5.0)

PLATFORMS
  ruby

DEPENDENCIES
  bookworm_buddy!
  bundler (~> 1.16)
  rake (~> 10.0)

BUNDLED WITH
   1.16.0
